GEM
  remote: https://rubygems.org/
  specs:
    chronic (0.10.2)
    highline (1.6.20)
    sqlite3 (1.3.8)

PLATFORMS
  ruby

DEPENDENCIES
  chronic
  highline
  sqlite3
