GEM
  remote: https://rubygems.org/
  specs:
    chronic (0.10.2)
    sqlite3 (1.3.8)

PLATFORMS
  ruby

DEPENDENCIES
  chronic
  sqlite3
